GEM
  remote: https://rubygems.org/
  specs:
    slack-notifier (1.5.1)

PLATFORMS
  ruby

DEPENDENCIES
  slack-notifier

RUBY VERSION
   ruby 2.3.1p112

BUNDLED WITH
   1.12.5
